GEM
  remote: http://rubygems.org/
  specs:
    mg (0.0.8)
      rake
    rake (10.0.3)

PLATFORMS
  ruby

DEPENDENCIES
  mg
